PATH
  remote: .
  specs:
    super_storage (0.1.0)
      sorbet-runtime

GEM
  remote: https://rubygems.org/
  specs:
    diff-lcs (1.5.0)
    erubi (1.12.0)
    netrc (0.11.0)
    parallel (1.24.0)
    prettier_print (1.2.1)
    prism (0.19.0)
    rake (13.1.0)
    rbi (0.1.6)
      prism (>= 0.18.0, < 0.20)
      sorbet-runtime (>= 0.5.9204)
    rspec (3.12.0)
      rspec-core (~> 3.12.0)
      rspec-expectations (~> 3.12.0)
      rspec-mocks (~> 3.12.0)
    rspec-core (3.12.2)
      rspec-support (~> 3.12.0)
    rspec-expectations (3.12.3)
      diff-lcs (>= 1.2.0, < 2.0)
      rspec-support (~> 3.12.0)
    rspec-mocks (3.12.6)
      diff-lcs (>= 1.2.0, < 2.0)
      rspec-support (~> 3.12.0)
    rspec-support (3.12.1)
    sorbet (0.5.11205)
      sorbet-static (= 0.5.11205)
    sorbet-runtime (0.5.11205)
    sorbet-static (0.5.11205-universal-darwin)
    sorbet-static-and-runtime (0.5.11205)
      sorbet (= 0.5.11205)
      sorbet-runtime (= 0.5.11205)
    spoom (1.2.4)
      erubi (>= 1.10.0)
      sorbet-static-and-runtime (>= 0.5.10187)
      syntax_tree (>= 6.1.1)
      thor (>= 0.19.2)
    syntax_tree (6.2.0)
      prettier_print (>= 1.2.0)
    tapioca (0.11.17)
      bundler (>= 2.2.25)
      netrc (>= 0.11.0)
      parallel (>= 1.21.0)
      rbi (>= 0.1.4, < 0.2)
      sorbet-static-and-runtime (>= 0.5.10820)
      spoom (~> 1.2.0, >= 1.2.0)
      thor (>= 1.2.0)
      yard-sorbet
    thor (1.3.0)
    yard (0.9.34)
    yard-sorbet (0.8.1)
      sorbet-runtime (>= 0.5)
      yard (>= 0.9)

PLATFORMS
  arm64-darwin-20

DEPENDENCIES
  rake (~> 13.0)
  rspec (~> 3.0)
  sorbet
  super_storage!
  tapioca

BUNDLED WITH
   2.4.15
